GEM
  remote: https://rubygems.org/
  specs:
    rake (13.0.6)

PLATFORMS
  x86_64-linux

DEPENDENCIES
  rake

RUBY VERSION
   ruby 3.0.3p157

BUNDLED WITH
   2.2.32
